GEM
  remote: https://rubygems.org/
  specs:
    backports (3.10.3)
    chunky_png (1.3.8)
    coderay (1.1.2)
    json (2.1.0)
    jwt (2.1.0)
    kgio (2.11.0)
    method_source (0.9.0)
    minitest (5.10.3)
    multi_json (1.12.2)
    mustermann (1.0.1)
    pbkdf2-ruby (0.2.1)
    pry (0.11.1)
      coderay (~> 1.1.0)
      method_source (~> 0.9.0)
    rack (2.0.3)
    rack-protection (2.0.0)
      rack
    rack-test (0.8.2)
      rack (>= 1.0, < 3)
    raindrops (0.19.0)
    rake (12.3.0)
    rotp (3.3.0)
    rqrcode (0.10.1)
      chunky_png (~> 1.0)
    sinatra (2.0.0)
      mustermann (~> 1.0)
      rack (~> 2.0)
      rack-protection (= 2.0.0)
      tilt (~> 2.0)
    sinatra-contrib (2.0.0)
      backports (>= 2.0)
      multi_json
      mustermann (~> 1.0)
      rack-protection (= 2.0.0)
      sinatra (= 2.0.0)
      tilt (>= 1.3, < 3)
    sqlite3 (1.3.13)
    tilt (2.0.8)
    unicorn (5.3.1)
      kgio (~> 2.6)
      raindrops (~> 0.7)

PLATFORMS
  ruby

DEPENDENCIES
  json
  jwt
  minitest
  pbkdf2-ruby
  pry
  rack-test
  rake
  rotp
  rqrcode
  sinatra
  sinatra-contrib
  sqlite3
  unicorn

RUBY VERSION
   ruby 2.4.2p198

BUNDLED WITH
   1.16.0
